PATH
  remote: .
  specs:
    contribution_count (0.1.3)

GEM
  remote: https://rubygems.org/
  specs:
    diff-lcs (1.3)
    line-notify-client (1.0.4)
    mini_portile2 (2.4.0)
    nokogiri (1.10.2)
      mini_portile2 (~> 2.4.0)
    rake (10.5.0)
    rspec (3.8.0)
      rspec-core (~> 3.8.0)
      rspec-expectations (~> 3.8.0)
      rspec-mocks (~> 3.8.0)
    rspec-core (3.8.0)
      rspec-support (~> 3.8.0)
    rspec-expectations (3.8.3)
      diff-lcs (>= 1.2.0, < 2.0)
      rspec-support (~> 3.8.0)
    rspec-mocks (3.8.0)
      diff-lcs (>= 1.2.0, < 2.0)
      rspec-support (~> 3.8.0)
    rspec-support (3.8.0)
    slack-incoming-webhooks (0.2.0)

PLATFORMS
  ruby

DEPENDENCIES
  bundler (~> 2.0)
  contribution_count!
  line-notify-client
  nokogiri
  rake (~> 10.0)
  rspec (~> 3.0)
  slack-incoming-webhooks

BUNDLED WITH
   2.0.1
